PATH
  remote: .
  specs:
    simple_scrobbler (0.1.2)

GEM
  remote: http://rubygems.org/
  specs:
    fakeweb (1.3.0)
    metaclass (0.0.1)
    mocha (0.10.0)
      metaclass (~> 0.0.1)

PLATFORMS
  ruby

DEPENDENCIES
  fakeweb
  mocha
  simple_scrobbler!
